GEM
  remote: https://rubygems.org/
  specs:
    commonjs (0.2.6)
    json (1.7.7)
    less (2.2.1)
      commonjs (~> 0.2.6)
    libv8 (3.3.10.4)
    newrelic_rpm (3.3.5)
    oauth (0.4.7)
    rack (1.5.2)
    rack-protection (1.3.2)
      rack
    sinatra (1.3.4)
      rack (~> 1.4)
      rack-protection (~> 1.3)
      tilt (~> 1.3, >= 1.3.3)
    therubyracer (0.10.1)
      libv8 (~> 3.3.10)
    tilt (1.3.3)

PLATFORMS
  ruby

DEPENDENCIES
  json
  less
  newrelic_rpm
  oauth
  rack
  sinatra
  therubyracer
